GEM
  remote: http://rubygems.org/
  specs:
    ast (2.4.1)
    chef-api (0.10.10)
      mime-types
      mixlib-log (>= 1, < 4)
    cookstyle (3.0.2)
      rubocop (= 0.55.0)
    diff-lcs (1.4.4)
    mime-types (3.3.1)
      mime-types-data (~> 3.2015)
    mime-types-data (3.2020.1104)
    mixlib-log (3.0.9)
    parallel (1.20.0)
    parser (2.7.2.0)
      ast (~> 2.4.1)
    powerpack (0.1.2)
    rainbow (3.0.0)
    rspec-expectations (3.10.0)
      diff-lcs (>= 1.2.0, < 2.0)
      rspec-support (~> 3.10.0)
    rspec-mocks (3.10.0)
      diff-lcs (>= 1.2.0, < 2.0)
      rspec-support (~> 3.10.0)
    rspec-support (3.10.0)
    rubocop (0.55.0)
      parallel (~> 1.10)
      parser (>= 2.5)
      powerpack (~> 0.1)
      rainbow (>= 2.2.2, < 4.0)
      ruby-progressbar (~> 1.7)
      unicode-display_width (~> 1.0, >= 1.0.1)
    ruby-progressbar (1.10.1)
    stove (7.1.6)
      chef-api (~> 0.5)
      mixlib-log (>= 2.0)
    unicode-display_width (1.7.0)

PLATFORMS
  ruby

DEPENDENCIES
  cookstyle (= 3.0.2)
  rspec-expectations
  rspec-mocks
  rubocop
  stove

BUNDLED WITH
   1.17.2
